NUGET
  remote: https://www.nuget.org/api/v2
    MonoGame.Framework.DesktopGL.Core (3.7.0.7)
